GEM
  remote: https://rubygems.org/
  specs:
    ansi (1.4.3)
    awesome_print (1.2.0)
    builder (3.2.2)
    hashie (2.1.0)
    minitest (5.3.2)
    minitest-reporters (1.0.2)
      ansi
      builder
      minitest (>= 5.0)
      powerbar
    powerbar (1.0.11)
      ansi (~> 1.4.0)
      hashie (>= 1.1.0)
    sequel (4.9.0)
    sqlite3 (1.3.7)

PLATFORMS
  ruby

DEPENDENCIES
  awesome_print
  minitest
  minitest-reporters
  sequel
  sqlite3
